GEM
  remote: http://rubygems.org/
  specs:
    abstract (1.0.0)
    addressable (2.2.4)
    async_sinatra (0.4.0)
      rack (>= 1.2.1)
      sinatra (>= 1.0)
    backports (1.18.2)
    daemons (1.1.0)
    em-http-request (0.3.0)
      addressable (>= 2.0.0)
      escape_utils
      eventmachine (>= 0.12.9)
    em-websocket (0.2.0)
      addressable (>= 2.1.1)
      eventmachine (>= 0.12.9)
    erubis (2.6.6)
      abstract (>= 1.0.0)
    escape_utils (0.2.2)
    eventmachine (0.12.10)
    faraday (0.5.6)
      addressable (~> 2.2.4)
      multipart-post (~> 1.1.0)
      rack (>= 1.1.0, < 2)
    faraday_middleware (0.3.2)
      faraday (~> 0.5.4)
    hashie (1.0.0)
    http_accept_language (1.0.1)
    json (1.5.3)
    moji (1.5)
    monkey-lib (0.5.4)
      backports
    multi_json (0.0.5)
    multi_xml (0.2.1)
    multipart-post (1.1.0)
    oauth (0.4.4)
    rack (1.2.1)
    simple_oauth (0.1.4)
    sinatra (1.1.3)
      rack (~> 1.1)
      tilt (>= 1.2.2, < 2.0)
    sinatra-advanced-routes (0.5.1)
      monkey-lib (~> 0.5.0)
      sinatra (~> 1.0)
      sinatra-sugar (~> 0.5.0)
    sinatra-reloader (0.5.0)
      sinatra (~> 1.0)
      sinatra-advanced-routes (~> 0.5.0)
    sinatra-sugar (0.5.0)
      monkey-lib (~> 0.5.0)
      sinatra (~> 1.0)
    thin (1.2.8)
      daemons (>= 1.0.9)
      eventmachine (>= 0.12.6)
      rack (>= 1.0.0)
    tilt (1.2.2)
    twitter (1.1.2)
      faraday (~> 0.5.4)
      faraday_middleware (~> 0.3.1)
      hashie (~> 1.0.0)
      multi_json (~> 0.0.5)
      multi_xml (~> 0.2.0)
      simple_oauth (~> 0.1.3)

PLATFORMS
  ruby

DEPENDENCIES
  async_sinatra
  daemons
  em-http-request
  em-websocket
  erubis
  http_accept_language
  json
  moji
  oauth
  sinatra
  sinatra-reloader
  thin
  twitter
